PATH
  remote: .
  specs:
    marcel (0.3.3.1)
      mimemagic (~> 0.3.9)
      mini_mime (~> 1.0.2)

GEM
  remote: https://rubygems.org/
  specs:
    mimemagic (0.3.9)
    mini_mime (1.0.2)
    minitest (5.11.3)
    rack (2.1.4)
    rake (13.0.1)

PLATFORMS
  ruby

DEPENDENCIES
  bundler (>= 1.7)
  marcel!
  minitest (~> 5.11)
  rack (~> 2.0)
  rake (~> 13.0)

BUNDLED WITH
   2.3.0.dev
